GEM
  remote: https://rubygems.org/
  specs:
    coderay (1.1.2)
    diff-lcs (1.3)
    method_source (0.9.0)
    pry (0.11.3)
      coderay (~> 1.1.0)
      method_source (~> 0.9.0)
    rspec (3.8.0)
      rspec-core (~> 3.8.0)
      rspec-expectations (~> 3.8.0)
      rspec-mocks (~> 3.8.0)
    rspec-core (3.8.0)
      rspec-support (~> 3.8.0)
    rspec-expectations (3.8.2)
      diff-lcs (>= 1.2.0, < 2.0)
      rspec-support (~> 3.8.0)
    rspec-mocks (3.8.0)
      diff-lcs (>= 1.2.0, < 2.0)
      rspec-support (~> 3.8.0)
    rspec-support (3.8.0)
<<<<<<< HEAD
    sqlite3 (1.3.11)
=======
    sqlite3 (1.3.13)
>>>>>>> e494503dfcfc5437dce0fa4ea5c04501e3ae1327

PLATFORMS
  ruby

DEPENDENCIES
  pry
  rspec
  sqlite3

BUNDLED WITH
<<<<<<< HEAD
   1.16.6
=======
   1.16.5
>>>>>>> e494503dfcfc5437dce0fa4ea5c04501e3ae1327
